GEM
  remote: https://rubygems.org/
  specs:
    liquid (4.0.0)

PLATFORMS
  ruby

DEPENDENCIES
  liquid (>= 4.0.0)

BUNDLED WITH
   1.14.6
